PATH
  remote: .
  specs:
    thinkspace (2.5.0)
      jekyll (~> 3.5)

GEM
  remote: https://rubygems.org/
  specs:
    activesupport (4.2.5)
      i18n (~> 0.7)
      json (~> 1.7, >= 1.7.7)
      minitest (~> 5.1)
      thread_safe (~> 0.3, >= 0.3.4)
      tzinfo (~> 1.1)
    addressable (2.4.0)
    bourbon (4.2.6)
      sass (~> 3.4)
      thor (~> 0.19)
    colorator (1.1.0)
    colored (1.2)
    em-websocket (0.5.1)
      eventmachine (>= 0.12.9)
      http_parser.rb (~> 0.6.0)
    ethon (0.8.0)
      ffi (>= 1.9.24)
    eventmachine (1.2.7)
    ffi (1.9.24)
    forwardable-extended (2.6.0)
    html-proofer (2.6.1)
      activesupport (~> 4.2)
      addressable (~> 2.3)
      colored (~> 1.2)
      mercenary (~> 0.3.2)
      nokogiri (~> 1.10.4)
      parallel (~> 1.3)
      typhoeus (~> 0.7)
      yell (~> 2.0)
    http_parser.rb (0.6.0)
    i18n (0.7.0)
    jekyll (3.8.6)
      addressable (~> 2.4)
      colorator (~> 1.0)
      em-websocket (~> 0.5)
      i18n (~> 0.7)
      jekyll-sass-converter (~> 1.0)
      jekyll-watch (~> 2.0)
      kramdown (~> 1.14)
      liquid (~> 4.0)
      mercenary (~> 0.3.3)
      pathutil (~> 0.9)
      rouge (>= 1.7, < 4)
      safe_yaml (~> 1.0)
    jekyll-paginate (1.1.0)
    jekyll-sass-converter (1.5.2)
      sass (~> 3.4)
    jekyll-sitemap (1.4.0)
      jekyll (>= 3.7, < 5.0)
    jekyll-watch (2.2.1)
      listen (~> 3.0)
    json (1.8.3)
    kramdown (1.17.0)
    liquid (4.0.3)
    listen (3.2.1)
      rb-fsevent (~> 0.10, >= 0.10.3)
      rb-inotify (~> 0.9, >= 0.9.10)
    mercenary (0.3.5)
    mini_portile2 (2.4.0)
    minitest (5.8.3)
    nokogiri (1.10.8)
      mini_portile2 (~> 2.4.0)
    parallel (1.6.1)
    pathutil (0.16.2)
      forwardable-extended (~> 2.6)
    rake (12.3.3)
    rb-fsevent (0.10.3)
    rb-inotify (0.10.1)
      ffi (~> 1.0)
    rouge (3.16.0)
    safe_yaml (1.0.5)
    sass (3.4.20)
    thor (0.19.1)
    thread_safe (0.3.5)
    typhoeus (0.8.0)
      ethon (>= 0.8.0)
    tzinfo (1.2.2)
      thread_safe (~> 0.1)
    tzinfo-data (1.2019.3)
      tzinfo (>= 1.0.0)
    yell (2.0.5)

PLATFORMS
  ruby

DEPENDENCIES
  bourbon
  bundler (~> 1.15)
  html-proofer
  jekyll-paginate
  jekyll-sitemap
  rake (~> 12.0)
  thinkspace!
  tzinfo
  tzinfo-data

BUNDLED WITH
   1.11.2
